ObjectType = Image
NDims = 3
ElementNumberOfChannels = 1
DimSize = 13 13 13 
ElementType = MET_DOUBLE
ElementSpacing = 0.1 0.1 0.1 
Position = -0.6 -0.6 -0.6 
Orientation = 1 0 0 0 1 0 0 0 1 
isPerpective = 0
ElementDataFile = cube.raw
