ObjectType = Image
NDims = 3
ElementNumberOfChannels = 1
DimSize = 37 50 51 
ElementType = MET_DOUBLE
ElementSpacing = 0.05 0.05 0.05 
Position = -0.877558 -0.189605 -1.49145 
Orientation = 0.00284916 -0.222521 0.974924 0.999388 -0.0333628 -0.0105355 0.0348705 0.974357 0.222289 
isPerpective = 0
ElementDataFile = tooth_closed.raw
